GEM
  remote: http://rubygems.org/
  specs:
    addressable (2.3.2)
    coderay (1.0.7)
    daemons (1.1.9)
    diff-lcs (1.1.3)
    eventmachine (1.0.0)
    faraday (0.8.4)
      multipart-post (~> 1.1)
    faraday_middleware (0.8.8)
      faraday (>= 0.7.4, < 0.9)
    foreman (0.59.0)
      thor (>= 0.13.6)
    haml (3.1.7)
    hashie (1.2.0)
    json (1.7.5)
    method_source (0.8)
    mime-types (1.19)
    multi_json (1.3.6)
    multipart-post (1.1.5)
    oauth2 (0.5.2)
      faraday (~> 0.7)
      multi_json (~> 1.0)
    octokit (1.9.4)
      addressable (~> 2.2)
      faraday (~> 0.8)
      faraday_middleware (~> 0.8)
      hashie (~> 1.2)
      multi_json (~> 1.3)
    omniauth (1.1.1)
      hashie (~> 1.2)
      rack
    omniauth-google-apps (0.0.2)
      omniauth (~> 1.0)
      omniauth-openid (~> 1.0)
      ruby-openid-apps-discovery (~> 1.2.0)
    omniauth-openid (1.0.1)
      omniauth (~> 1.0)
      rack-openid (~> 1.3.1)
    openid-redis-store (0.0.2)
      redis
      ruby-openid
    pg (0.14.1)
    pry (0.9.10)
      coderay (~> 1.0.5)
      method_source (~> 0.8)
      slop (~> 3.3.1)
    rack (1.4.1)
    rack-canonical-host (0.0.8)
      addressable
      rack (~> 1.0)
    rack-openid (1.3.1)
      rack (>= 1.1.0)
      ruby-openid (>= 2.1.8)
    rack-protection (1.2.0)
      rack
    rack-ssl-enforcer (0.2.4)
    rack-test (0.6.1)
      rack (>= 1.0)
    rake (0.9.2.2)
    redis (3.0.1)
    redis-namespace (1.2.1)
      redis (~> 3.0.0)
    resque (1.23.0)
      multi_json (~> 1.0)
      redis-namespace (~> 1.0)
      sinatra (>= 0.9.2)
      vegas (~> 0.1.2)
    resque-scheduler (2.0.0)
      redis (>= 2.0.1)
      resque (>= 1.20.0)
      rufus-scheduler
    rest-client (1.6.7)
      mime-types (>= 1.16)
    rspec (2.11.0)
      rspec-core (~> 2.11.0)
      rspec-expectations (~> 2.11.0)
      rspec-mocks (~> 2.11.0)
    rspec-core (2.11.1)
    rspec-expectations (2.11.3)
      diff-lcs (~> 1.1.3)
    rspec-mocks (2.11.3)
    ruby-openid (2.2.0)
    ruby-openid-apps-discovery (1.2.0)
      ruby-openid (>= 2.1.7)
    rufus-scheduler (2.0.17)
      tzinfo (>= 0.3.23)
    sequel (3.39.0)
    sinatra (1.3.1)
      rack (~> 1.3, >= 1.3.4)
      rack-protection (~> 1.1, >= 1.1.2)
      tilt (~> 1.3, >= 1.3.3)
    sinatra_auth_github (0.9.0)
      sinatra (~> 1.0)
      warden-github (~> 0.9.0)
      yajl-ruby (~> 1.1)
    slop (3.3.3)
    thin (1.2.10)
      daemons (>= 1.0.9)
      eventmachine (>= 0.12.6)
      rack (>= 1.0.0)
    thor (0.16.0)
    tilt (1.3.3)
    tzinfo (0.3.35)
    vegas (0.1.11)
      rack (>= 1.0.0)
    warden (1.2.1)
      rack (>= 1.0)
    warden-github (0.9.1)
      json (~> 1.5)
      oauth2 (~> 0.5.2)
      octokit (~> 1.9.4)
      rest-client (~> 1.6.1)
      warden (~> 1.0)
      yajl-ruby (~> 1.1)
    yajl-ruby (1.1.0)

PLATFORMS
  ruby

DEPENDENCIES
  foreman
  haml
  json
  omniauth
  omniauth-google-apps
  openid-redis-store
  pg
  pry
  rack-canonical-host
  rack-ssl-enforcer
  rack-test
  rake
  resque
  resque-scheduler
  rest-client
  rspec
  sequel
  sinatra (= 1.3.1)
  sinatra_auth_github (= 0.9.0)
  thin (= 1.2.10)
